GEM
  remote: https://rubygems.org/
  specs:
    table_print (1.5.6)

PLATFORMS
  ruby

DEPENDENCIES
  table_print

BUNDLED WITH
   2.0.1
